GEM
  remote: http://rubygems.org/
  specs:
    Saikuro (1.1.0)
    abstract (1.0.0)
    actionmailer (3.0.3)
      actionpack (= 3.0.3)
      mail (~> 2.2.9)
    actionpack (3.0.3)
      activemodel (= 3.0.3)
      activesupport (= 3.0.3)
      builder (~> 2.1.2)
      erubis (~> 2.6.6)
      i18n (~> 0.4)
      rack (~> 1.2.1)
      rack-mount (~> 0.6.13)
      rack-test (~> 0.5.6)
      tzinfo (~> 0.3.23)
    activemodel (3.0.3)
      activesupport (= 3.0.3)
      builder (~> 2.1.2)
      i18n (~> 0.4)
    activerecord (3.0.3)
      activemodel (= 3.0.3)
      activesupport (= 3.0.3)
      arel (~> 2.0.2)
      tzinfo (~> 0.3.23)
    activeresource (3.0.3)
      activemodel (= 3.0.3)
      activesupport (= 3.0.3)
    activesupport (3.0.3)
    arel (2.0.6)
    arrayfields (4.7.4)
    bson (1.1.4)
    bson_ext (1.1.4)
    builder (2.1.2)
    capybara (0.4.0)
      celerity (>= 0.7.9)
      culerity (>= 0.2.4)
      mime-types (>= 1.16)
      nokogiri (>= 1.3.3)
      rack (>= 1.0.0)
      rack-test (>= 0.5.4)
      selenium-webdriver (>= 0.0.27)
      xpath (~> 0.1.2)
    celerity (0.8.4)
    childprocess (0.1.4)
      ffi (~> 0.6.3)
    chronic (0.2.3)
      hoe (>= 1.2.1)
    churn (0.0.13)
      chronic (>= 0.2.3)
      hirb
      json_pure
      main
      ruby_parser (~> 2.0.4)
      sexp_processor (~> 3.0.3)
    colored (1.2)
    configuration (1.2.0)
    culerity (0.2.12)
    curb (0.7.8)
    diff-lcs (1.1.2)
    erubis (2.6.6)
      abstract (>= 1.0.0)
    fabrication (0.9.4)
    faker (0.3.1)
    fattr (2.2.0)
    feedzirra (0.0.24)
      activesupport (>= 2.3.8)
      builder (>= 2.1.2)
      curb (>= 0.2.3)
      loofah (>= 0.3.1)
      nokogiri (> 0.0.0)
      sax-machine (>= 0.0.12)
    ffi (0.6.3)
      rake (>= 0.8.7)
    flay (1.4.1)
      ruby_parser (~> 2.0)
      sexp_processor (~> 3.0)
    flog (2.5.0)
      ruby_parser (~> 2.0)
      sexp_processor (~> 3.0)
    growl (1.0.3)
    guard (0.2.2)
      open_gem (~> 1.4.2)
      thor (~> 0.14.3)
    guard-rspec (0.1.9)
      guard (>= 0.2.2)
    guard-spork (0.1.3)
      guard (>= 0.2.0)
      spork (>= 0.8.4)
    haml (3.0.24)
    hirb (0.3.5)
    hoe (2.7.0)
      rake (>= 0.8.7)
      rubyforge (>= 2.0.4)
    i18n (0.5.0)
    json (1.4.6)
    json_pure (1.4.6)
    launchy (0.3.7)
      configuration (>= 0.0.5)
      rake (>= 0.8.1)
    loofah (1.0.0)
      nokogiri (>= 1.3.3)
    mail (2.2.12)
      activesupport (>= 2.3.6)
      i18n (>= 0.4.0)
      mime-types (~> 1.16)
      treetop (~> 1.4.8)
    main (4.4.0)
      arrayfields (>= 4.7.4)
      fattr (>= 2.1.0)
    mechanize (1.0.0)
      nokogiri (>= 1.2.1)
    metric_fu (2.0.1)
      Saikuro (>= 1.1.0)
      activesupport (>= 2.0.0)
      chronic (~> 0.2.3)
      churn (>= 0.0.7)
      flay (>= 1.2.1)
      flog (>= 2.2.0)
      rails_best_practices (>= 0.3.16)
      rcov (>= 0.8.3.3)
      reek (>= 1.2.6)
      roodi (>= 2.1.0)
    mime-types (1.16)
    mongo (1.1.4)
      bson (>= 1.1.1)
    mongoid (2.0.0.beta.20)
      activemodel (~> 3.0)
      mongo (~> 1.1)
      tzinfo (~> 0.3.22)
      will_paginate (~> 3.0.pre)
    mongoid-rspec (1.3.2)
      mongoid (~> 2.0.0)
      rspec (~> 2)
    nokogiri (1.4.4)
    oauth (0.4.4)
    open_gem (1.4.2)
      launchy (~> 0.3.5)
    polyglot (0.3.1)
    progressbar (0.9.0)
    rack (1.2.1)
    rack-mount (0.6.13)
      rack (>= 1.0.0)
    rack-test (0.5.6)
      rack (>= 1.0)
    rails (3.0.3)
      actionmailer (= 3.0.3)
      actionpack (= 3.0.3)
      activerecord (= 3.0.3)
      activeresource (= 3.0.3)
      activesupport (= 3.0.3)
      bundler (~> 1.0)
      railties (= 3.0.3)
    rails_best_practices (0.5.3)
      activesupport
      colored (~> 1.2)
      erubis (~> 2.6.6)
      i18n
      progressbar (~> 0.9.0)
      ruby_parser (~> 2.0.4)
    railties (3.0.3)
      actionpack (= 3.0.3)
      activesupport (= 3.0.3)
      rake (>= 0.8.7)
      thor (~> 0.14.4)
    rake (0.8.7)
    rb-fsevent (0.3.9)
    rcov (0.9.9)
    reek (1.2.8)
      ruby2ruby (~> 1.2)
      ruby_parser (~> 2.0)
      sexp_processor (~> 3.0)
    roodi (2.1.0)
      ruby_parser
    rr (1.0.2)
    rspec (2.2.0)
      rspec-core (~> 2.2)
      rspec-expectations (~> 2.2)
      rspec-mocks (~> 2.2)
    rspec-core (2.2.1)
    rspec-expectations (2.2.0)
      diff-lcs (~> 1.1.2)
    rspec-mocks (2.2.0)
    rspec-rails (2.2.1)
      actionpack (~> 3.0)
      activesupport (~> 3.0)
      railties (~> 3.0)
      rspec (~> 2.2.0)
    ruby2ruby (1.2.5)
      ruby_parser (~> 2.0)
      sexp_processor (~> 3.0)
    ruby_parser (2.0.5)
      sexp_processor (~> 3.0)
    rubyforge (2.0.4)
      json_pure (>= 1.1.7)
    rubyzip (0.9.4)
    sax-machine (0.0.15)
      nokogiri (> 0.0.0)
    selenium-webdriver (0.1.1)
      childprocess (= 0.1.4)
      ffi (~> 0.6.3)
      json_pure
      rubyzip
    sexp_processor (3.0.5)
    spork (0.9.0.rc2)
    steak (1.0.0)
      rspec
    thor (0.14.6)
    treetop (1.4.9)
      polyglot (>= 0.3.1)
    tzinfo (0.3.23)
    will_paginate (3.0.pre2)
    wirble (0.1.3)
    xpath (0.1.2)
      nokogiri (~> 1.3)

PLATFORMS
  ruby

DEPENDENCIES
  bson_ext (>= 1.0.4)
  capybara
  fabrication
  faker
  feedzirra
  growl
  guard
  guard-rspec
  guard-spork
  haml
  json
  mechanize
  metric_fu
  mongoid (>= 2.0.0.beta.18)
  mongoid-rspec
  oauth
  rails (>= 3.0.0)
  rb-fsevent
  rr
  rspec-rails (>= 2.0.0)
  spork (>= 0.9.0.rc2)
  steak (>= 1.0.0.rc.2)
  wirble
