GIT
  remote: git://github.com/guard/guard-spork.git
  revision: 57a919262bc6680161546dd67abf2165bb8b1925
  specs:
    guard-spork (0.2.1)
      guard (>= 0.2.2)
      spork (>= 0.8.4)

GIT
  remote: git://github.com/indirect/haml-rails.git
  revision: 92c41db61f20a9f122de25bc73e5045cfccdbcd5
  specs:
    haml-rails (0.3.4)
      actionpack (~> 3.0)
      activesupport (~> 3.0)
      haml (~> 3.0)
      railties (~> 3.0)

GIT
  remote: git://github.com/intridea/omniauth.git
  revision: eaac5a8470ddc933984770d1a9c25d256dbcd293
  specs:
    oa-basic (0.3.0.rc1)
      oa-core (= 0.3.0.rc1)
      rest-client (~> 1.6.0)
    oa-core (0.3.0.rc1)
    oa-enterprise (0.3.0.rc1)
      addressable (~> 2.2.6)
      net-ldap (~> 0.2.2)
      nokogiri (~> 1.4.2)
      oa-core (= 0.3.0.rc1)
      pyu-ruby-sasl (~> 0.0.3.1)
      rubyntlm (~> 0.1.1)
    oa-more (0.3.0.rc1)
      multi_json (~> 1.0.0)
      oa-core (= 0.3.0.rc1)
      rest-client (~> 1.6.0)
    oa-oauth (0.3.0.rc1)
      faraday (~> 0.7.3)
      multi_json (~> 1.0.0)
      multi_xml (~> 0.2.2)
      oa-core (= 0.3.0.rc1)
      oauth (~> 0.4.0)
      oauth2 (~> 0.5.0.rc1)
    oa-openid (0.3.0.rc1)
      oa-core (= 0.3.0.rc1)
      rack-openid (~> 1.3.1)
      ruby-openid-apps-discovery (~> 1.2.0)
    omniauth (0.3.0.rc1)
      oa-basic (= 0.3.0.rc1)
      oa-core (= 0.3.0.rc1)
      oa-enterprise (= 0.3.0.rc1)
      oa-more (= 0.3.0.rc1)
      oa-oauth (= 0.3.0.rc1)
      oa-openid (= 0.3.0.rc1)

GIT
  remote: git://github.com/jnunemaker/twitter.git
  revision: 0132ab35966b1220bbfe15c8ef97c30a801fa755
  specs:
    twitter (1.6.0)
      faraday (~> 0.7.3)
      faraday_middleware (~> 0.7.0.rc.1)
      hashie (~> 1.0.0)
      multi_json (~> 1.0.0)
      multi_xml (~> 0.2.0)
      simple_oauth (~> 0.1.5)

GIT
  remote: git://github.com/nex3/haml.git
  revision: ffb73065aa2843b73b4a85766085cc93b9c8fd85
  specs:
    haml (3.2.0.alpha.0)

GIT
  remote: git://github.com/nex3/sass.git
  revision: bf9eafb0036f01dc23350e0dc1db29b7e5ddf463
  specs:
    sass (3.2.0.alpha.0)

GIT
  remote: git://github.com/rails/rails.git
  revision: 6917c65f048b3b5d09ac80271b0c94eae0120f0c
  specs:
    actionmailer (3.2.0.beta)
      actionpack (= 3.2.0.beta)
      mail (~> 2.3.0)
    actionpack (3.2.0.beta)
      activemodel (= 3.2.0.beta)
      activesupport (= 3.2.0.beta)
      builder (~> 3.0.0)
      erubis (~> 2.7.0)
      i18n (~> 0.6)
      rack (~> 1.3.0)
      rack-cache (~> 1.0.2)
      rack-mount (~> 0.8.1)
      rack-test (~> 0.6.0)
      sprockets (= 2.0.0.beta.10)
      tzinfo (~> 0.3.29)
    activemodel (3.2.0.beta)
      activesupport (= 3.2.0.beta)
      bcrypt-ruby (~> 2.1.4)
      builder (~> 3.0.0)
      i18n (~> 0.6)
    activerecord (3.2.0.beta)
      activemodel (= 3.2.0.beta)
      activesupport (= 3.2.0.beta)
      arel (~> 2.1.3)
      tzinfo (~> 0.3.29)
    activeresource (3.2.0.beta)
      activemodel (= 3.2.0.beta)
      activesupport (= 3.2.0.beta)
    activesupport (3.2.0.beta)
      i18n (~> 0.6)
      multi_json (~> 1.0)
    rails (3.2.0.beta)
      actionmailer (= 3.2.0.beta)
      actionpack (= 3.2.0.beta)
      activerecord (= 3.2.0.beta)
      activeresource (= 3.2.0.beta)
      activesupport (= 3.2.0.beta)
      bundler (~> 1.0)
      railties (= 3.2.0.beta)
    railties (3.2.0.beta)
      actionpack (= 3.2.0.beta)
      activesupport (= 3.2.0.beta)
      rack-ssl (~> 1.3.2)
      rake (>= 0.8.7)
      rdoc (~> 3.4)
      thor (~> 0.14.6)

GIT
  remote: git://github.com/rails/sass-rails.git
  revision: 6df2acfaa238cf7f8660b21b041fe60fd0874899
  specs:
    sass-rails (3.1.1.alpha.0)
      actionpack (~> 3.2.0.beta)
      railties (~> 3.2.0.beta)
      sass (>= 3.1.4)
      sprockets (>= 2.0.0.beta.9)

GEM
  remote: http://rubygems.org/
  specs:
    addressable (2.2.6)
    arel (2.1.3)
    bcrypt-ruby (2.1.4)
    bson (1.3.1)
    bson_ext (1.3.1)
    builder (3.0.0)
    capybara (1.0.0)
      mime-types (>= 1.16)
      nokogiri (>= 1.3.3)
      rack (>= 1.0.0)
      rack-test (>= 0.5.4)
      selenium-webdriver (~> 0.2.0)
      xpath (~> 0.1.4)
    childprocess (0.1.9)
      ffi (~> 1.0.6)
    coffee-script (2.2.0)
      coffee-script-source
      execjs
    coffee-script-source (1.1.1)
    configuration (1.3.1)
    curb (0.7.15)
    diff-lcs (1.1.2)
    erubis (2.7.0)
    execjs (1.2.0)
      multi_json (~> 1.0)
    fabrication (1.0.1)
    faraday (0.7.4)
      addressable (~> 2.2.6)
      multipart-post (~> 1.1.0)
      rack (< 2, >= 1.1.0)
    faraday_middleware (0.7.0.rc1)
      faraday (~> 0.7.3)
    feedzirra (0.0.24)
      activesupport (>= 2.3.8)
      builder (>= 2.1.2)
      curb (>= 0.2.3)
      loofah (>= 0.3.1)
      nokogiri (> 0.0.0)
      sax-machine (>= 0.0.12)
    ffi (1.0.9)
    fuubar (0.0.5)
      rspec (~> 2.0)
      rspec-instafail (~> 0.1.4)
      ruby-progressbar (~> 0.0.10)
    growl (1.0.3)
    guard (0.5.0)
      thor (~> 0.14.6)
    guard-rspec (0.4.0)
      guard (>= 0.4.0)
    hashie (1.0.0)
    heroku (2.3.6)
      launchy (>= 0.3.2)
      rest-client (~> 1.6.1)
      term-ansicolor (~> 1.0.5)
    hike (1.1.0)
    i18n (0.6.0)
    jquery-rails (1.0.12)
      railties (~> 3.0)
      thor (~> 0.14)
    json (1.5.3)
    json_pure (1.5.3)
    kaminari (0.12.4)
      rails (>= 3.0.0)
    launchy (0.4.0)
      configuration (>= 0.0.5)
      rake (>= 0.8.1)
    loofah (1.0.0)
      nokogiri (>= 1.3.3)
    mail (2.3.0)
      i18n (>= 0.4.0)
      mime-types (~> 1.16)
      treetop (~> 1.4.8)
    mechanize (2.0.1)
      net-http-digest_auth (>= 1.1.1, ~> 1.1)
      net-http-persistent (~> 1.8)
      nokogiri (~> 1.4)
      webrobots (>= 0.0.9, ~> 0.0)
    mime-types (1.16)
    mongo (1.3.1)
      bson (>= 1.3.1)
    mongoid (2.0.2)
      activemodel (~> 3.0)
      mongo (~> 1.3)
      tzinfo (~> 0.3.22)
    mongoid-rspec (1.4.4)
      mongoid (~> 2.0)
      rspec (~> 2)
    mongoid_rails_migrations (0.0.14)
      activesupport (>= 3.0.0)
      bundler (>= 1.0.0)
      rails (>= 3.0.0)
      railties (>= 3.0.0)
    multi_json (1.0.3)
    multi_xml (0.2.2)
    multipart-post (1.1.2)
    net-http-digest_auth (1.1.1)
    net-http-persistent (1.8)
    net-ldap (0.2.2)
    nokogiri (1.4.7)
    oauth (0.4.5)
    oauth2 (0.5.0.rc1)
      faraday (< 0.8, >= 0.6.1)
      multi_json (~> 1.0.0)
    polyglot (0.3.1)
    pyu-ruby-sasl (0.0.3.3)
    rack (1.3.0)
    rack-cache (1.0.2)
      rack (>= 0.4)
    rack-mount (0.8.1)
      rack (>= 1.0.0)
    rack-openid (1.3.1)
      rack (>= 1.1.0)
      ruby-openid (>= 2.1.8)
    rack-ssl (1.3.2)
      rack
    rack-test (0.6.0)
      rack (>= 1.0)
    rake (0.9.2)
    rb-fsevent (0.4.1)
    rdoc (3.8)
    rest-client (1.6.3)
      mime-types (>= 1.16)
    rr (1.0.2)
    rspec (2.6.0)
      rspec-core (~> 2.6.0)
      rspec-expectations (~> 2.6.0)
      rspec-mocks (~> 2.6.0)
    rspec-core (2.6.4)
    rspec-expectations (2.6.0)
      diff-lcs (~> 1.1.2)
    rspec-instafail (0.1.8)
    rspec-mocks (2.6.0)
    rspec-rails (2.6.1)
      actionpack (~> 3.0)
      activesupport (~> 3.0)
      railties (~> 3.0)
      rspec (~> 2.6.0)
    ruby-openid (2.1.8)
    ruby-openid-apps-discovery (1.2.0)
      ruby-openid (>= 2.1.7)
    ruby-progressbar (0.0.10)
    rubyntlm (0.1.1)
    rubyzip (0.9.4)
    sax-machine (0.0.16)
      nokogiri (> 0.0.0)
    selenium-webdriver (0.2.2)
      childprocess (>= 0.1.9)
      ffi (>= 1.0.7)
      json_pure
      rubyzip
    settingslogic (2.0.6)
    simple_oauth (0.1.5)
    spork (0.8.5)
    sprockets (2.0.0.beta.10)
      hike (~> 1.0)
      rack (~> 1.0)
      tilt (!= 1.3.0, ~> 1.1)
    tapp (1.1.0)
    term-ansicolor (1.0.5)
    thor (0.14.6)
    tilt (1.3.2)
    treetop (1.4.9)
      polyglot (>= 0.3.1)
    tzinfo (0.3.29)
    uglifier (1.0.0)
      execjs (>= 0.3.0)
      multi_json (>= 1.0.2)
    webrobots (0.0.10)
      nokogiri (>= 1.4.4)
    wirble (0.1.3)
    xpath (0.1.4)
      nokogiri (~> 1.3)
    yard (0.7.2)

PLATFORMS
  ruby

DEPENDENCIES
  bson_ext
  capybara
  coffee-script
  fabrication
  feedzirra
  fuubar
  growl
  guard
  guard-rspec
  guard-spork!
  haml!
  haml-rails!
  heroku
  jquery-rails
  json
  kaminari
  mechanize
  mongoid
  mongoid-rspec
  mongoid_rails_migrations
  oauth
  omniauth!
  rails!
  rake
  rb-fsevent
  rr
  rspec
  rspec-rails
  sass!
  sass-rails!
  selenium-webdriver
  settingslogic
  spork
  tapp
  twitter!
  uglifier
  wirble
  yard
